GIT
  remote: https://github.com/patterns-ai-core/langchainrb.git
  revision: 6e83c6c0a7b3af3ee6b4658249e3178feac2d673
  branch: main
  specs:
    langchainrb (0.15.5)
      baran (~> 0.1.9)
      json-schema (~> 4)
      matrix
      pragmatic_segmenter (~> 0.3.0)
      rainbow (~> 3.1.0)
      zeitwerk (~> 2.5)

GEM
  remote: https://rubygems.org/
  specs:
    addressable (2.8.7)
      public_suffix (>= 2.0.2, < 7.0)
    anthropic (0.3.0)
      event_stream_parser (>= 0.3.0, < 2.0.0)
      faraday (>= 1)
      faraday-multipart (>= 1)
    baran (0.1.12)
    base64 (0.2.0)
    bigdecimal (3.1.8)
    byebug (11.1.3)
    coderay (1.1.3)
    colorize (1.1.0)
    date (3.3.4)
    dotenv (3.1.2)
    ethon (0.16.0)
      ffi (>= 1.15.0)
    event_stream_parser (1.0.0)
    faraday (2.10.0)
      faraday-net_http (>= 2.0, < 3.2)
      logger
    faraday-multipart (1.0.4)
      multipart-post (~> 2)
    faraday-net_http (3.1.1)
      net-http
    faraday-typhoeus (1.1.0)
      faraday (~> 2.0)
      typhoeus (~> 1.4)
    ffi (1.17.0-aarch64-linux-gnu)
    ffi (1.17.0-aarch64-linux-musl)
    ffi (1.17.0-arm-linux-gnu)
    ffi (1.17.0-arm-linux-musl)
    ffi (1.17.0-arm64-darwin)
    ffi (1.17.0-x86-linux-gnu)
    ffi (1.17.0-x86-linux-musl)
    ffi (1.17.0-x86_64-darwin)
    ffi (1.17.0-x86_64-linux-gnu)
    ffi (1.17.0-x86_64-linux-musl)
    gemini-ai (4.2.0)
      event_stream_parser (~> 1.0)
      faraday (~> 2.10)
      faraday-typhoeus (~> 1.1)
      googleauth (~> 1.8)
      typhoeus (~> 1.4, >= 1.4.1)
    google-cloud-env (2.2.0)
      faraday (>= 1.0, < 3.a)
    googleauth (1.11.0)
      faraday (>= 1.0, < 3.a)
      google-cloud-env (~> 2.1)
      jwt (>= 1.4, < 3.0)
      multi_json (~> 1.11)
      os (>= 0.9, < 2.0)
      signet (>= 0.16, < 2.a)
    json-schema (4.3.1)
      addressable (>= 2.8)
    jwt (2.8.2)
      base64
    logger (1.6.0)
    mail (2.8.1)
      mini_mime (>= 0.1.1)
      net-imap
      net-pop
      net-smtp
    matrix (0.4.2)
    method_source (1.1.0)
    mini_mime (1.1.5)
    multi_json (1.15.0)
    multipart-post (2.4.1)
    net-http (0.4.1)
      uri
    net-imap (0.4.14)
      date
      net-protocol
    net-pop (0.1.2)
      net-protocol
    net-protocol (0.2.2)
      timeout
    net-smtp (0.5.0)
      net-protocol
    ollama-ai (1.3.0)
      faraday (~> 2.10)
      faraday-typhoeus (~> 1.1)
      typhoeus (~> 1.4, >= 1.4.1)
    os (1.1.4)
    pragmatic_segmenter (0.3.24)
    pry (0.14.2)
      coderay (~> 1.1)
      method_source (~> 1.0)
    pry-byebug (3.10.1)
      byebug (~> 11.0)
      pry (>= 0.13, < 0.15)
    public_suffix (6.0.1)
    rainbow (3.1.1)
    sequel (5.82.0)
      bigdecimal
    signet (0.19.0)
      addressable (~> 2.8)
      faraday (>= 0.17.5, < 3.a)
      jwt (>= 1.5, < 3.0)
      multi_json (~> 1.10)
    sqlite3 (2.0.2-aarch64-linux-gnu)
    sqlite3 (2.0.2-aarch64-linux-musl)
    sqlite3 (2.0.2-arm-linux-gnu)
    sqlite3 (2.0.2-arm-linux-musl)
    sqlite3 (2.0.2-arm64-darwin)
    sqlite3 (2.0.2-x86-linux-gnu)
    sqlite3 (2.0.2-x86-linux-musl)
    sqlite3 (2.0.2-x86_64-darwin)
    sqlite3 (2.0.2-x86_64-linux-gnu)
    sqlite3 (2.0.2-x86_64-linux-musl)
    timeout (0.4.1)
    typhoeus (1.4.1)
      ethon (>= 0.9.0)
    uri (0.13.0)
    zeitwerk (2.6.18)

PLATFORMS
  aarch64-linux-gnu
  aarch64-linux-musl
  arm-linux-gnu
  arm-linux-musl
  arm64-darwin
  x86-linux-gnu
  x86-linux-musl
  x86_64-darwin
  x86_64-linux-gnu
  x86_64-linux-musl

DEPENDENCIES
  anthropic
  colorize
  dotenv
  faraday
  gemini-ai
  googleauth
  langchainrb!
  mail
  ollama-ai
  pry-byebug
  sequel
  sqlite3

RUBY VERSION
   ruby 3.3.4p94

BUNDLED WITH
   2.5.11
